GEM
  remote: https://rubygems.org/
  specs:
    colorize (0.8.1)
    lolcat (42.24.0)
      paint (~> 2.0.0)
      trollop (~> 2.1.2)
    paint (2.0.3)
    rake (13.0.3)
    trollop (2.1.3)

PLATFORMS
  x86_64-darwin-18

DEPENDENCIES
  colorize
  lolcat (~> 42.24.0)
  rake (~> 13.0)

BUNDLED WITH
   2.2.15
