GEM
  remote: https://rubygems.org/
  specs:
    colorize (0.8.1)
    rake (13.0.3)

PLATFORMS
  x86_64-darwin-18

DEPENDENCIES
  colorize
  rake (~> 13.0)

BUNDLED WITH
   2.2.15
